PATH
  remote: .
  specs:
    request_profiler (0.0.3)
      ruby-prof

GEM
  remote: http://rubygems.org/
  specs:
    metaclass (0.0.4)
    mocha (1.1.0)
      metaclass (~> 0.0.1)
    rack (1.2.1)
    rack-test (0.5.6)
      rack (>= 1.0)
    rake (10.3.1)
    ruby-prof (0.13.0)
    sinatra (1.1.0)
      rack (~> 1.1)
      tilt (~> 1.1)
    tilt (1.1)

PLATFORMS
  ruby

DEPENDENCIES
  mocha
  rack-test
  rake
  request_profiler!
  sinatra
