PATH
  remote: .
  specs:
    request_profiler (0.0.4)
      rack
      ruby-prof

GEM
  remote: http://rubygems.org/
  specs:
    metaclass (0.0.4)
    mocha (1.1.0)
      metaclass (~> 0.0.1)
    power_assert (0.3.0)
    rack (1.6.4)
    rack-protection (1.5.3)
      rack
    rack-test (0.6.3)
      rack (>= 1.0)
    rake (11.2.2)
    ruby-prof (0.15.9)
    sinatra (1.4.7)
      rack (~> 1.5)
      rack-protection (~> 1.4)
      tilt (>= 1.3, < 3)
    test-unit (3.2.0)
      power_assert
    tilt (2.0.5)

PLATFORMS
  ruby

DEPENDENCIES
  mocha (~> 1.1)
  rack-test (~> 0.6.3)
  rake (~> 11.2, >= 11.2.2)
  request_profiler!
  sinatra (~> 1.4, >= 1.4.7)
  test-unit (~> 3.2)

BUNDLED WITH
   1.12.5
